GEM
  remote: https://rubygems.org/
  specs:
    coderay (1.1.3)
    ffi (1.13.1-java)
    method_source (1.0.0)
    parallel (1.19.2)
    pry (0.13.1)
      coderay (~> 1.1)
      method_source (~> 1.0)
    pry (0.13.1-java)
      coderay (~> 1.1)
      method_source (~> 1.0)
      spoon (~> 0.0)
    spoon (0.0.6)
      ffi
    thread (0.2.2)

PLATFORMS
  java
  ruby

DEPENDENCIES
  parallel
  pry
  thread

BUNDLED WITH
   2.1.4
