GEM
  remote: https://rubygems.org/
  specs:
    parallel (1.19.2)
    thread (0.2.2)

PLATFORMS
  java
  ruby

DEPENDENCIES
  parallel
  thread

BUNDLED WITH
   2.1.4
